PATH
  remote: .
  specs:
    rightscale_selfservice (0.0.8)
      logger-better (~> 0.1)
      rest-client (~> 1.7, < 1.8)
      thor (~> 0.19)

GEM
  remote: https://rubygems.org/
  specs:
    diff-lcs (1.2.5)
    flexmock (2.0.4)
    logger-better (0.2.1)
    mime-types (2.99.1)
    netrc (0.11.0)
    power_assert (0.2.7)
    rake (11.1.0)
    redcarpet (3.3.4)
    rest-client (1.7.3)
      mime-types (>= 1.16, < 3.0)
      netrc (~> 0.7)
    rspec (3.1.0)
      rspec-core (~> 3.1.0)
      rspec-expectations (~> 3.1.0)
      rspec-mocks (~> 3.1.0)
    rspec-core (3.1.7)
      rspec-support (~> 3.1.0)
    rspec-expectations (3.1.2)
      diff-lcs (>= 1.2.0, < 2.0)
      rspec-support (~> 3.1.0)
    rspec-mocks (3.1.3)
      rspec-support (~> 3.1.0)
    rspec-support (3.1.2)
    test-unit (3.1.7)
      power_assert
    thor (0.19.1)
    yard (0.8.7.6)

PLATFORMS
  ruby

DEPENDENCIES
  bundler
  flexmock
  rake
  redcarpet
  rightscale_selfservice!
  rspec (~> 3.1.0)
  test-unit
  yard

BUNDLED WITH
   1.11.2
