PATH
  remote: .
  specs:
    rightscale_selfservice (0.0.7)
      logger-better (~> 0.1)
      rest-client (~> 1.7)
      thor (~> 0.19)

GEM
  remote: https://rubygems.org/
  specs:
    diff-lcs (1.2.5)
    domain_name (0.5.20160309)
      unf (>= 0.0.5, < 1.0.0)
    flexmock (1.3.3)
    http-cookie (1.0.2)
      domain_name (~> 0.5)
    logger-better (0.2.1)
    mime-types (2.99.1)
    netrc (0.11.0)
    power_assert (0.2.7)
    rake (10.4.2)
    redcarpet (3.2.1)
    rest-client (1.8.0)
      http-cookie (>= 1.0.2, < 2.0)
      mime-types (>= 1.16, < 3.0)
      netrc (~> 0.7)
    rspec (3.1.0)
      rspec-core (~> 3.1.0)
      rspec-expectations (~> 3.1.0)
      rspec-mocks (~> 3.1.0)
    rspec-core (3.1.7)
      rspec-support (~> 3.1.0)
    rspec-expectations (3.1.2)
      diff-lcs (>= 1.2.0, < 2.0)
      rspec-support (~> 3.1.0)
    rspec-mocks (3.1.3)
      rspec-support (~> 3.1.0)
    rspec-support (3.1.2)
    test-unit (3.1.7)
      power_assert
    thor (0.19.1)
    unf (0.1.4)
      unf_ext
    unf_ext (0.0.7.2)
    yard (0.8.7.6)

PLATFORMS
  ruby

DEPENDENCIES
  bundler
  flexmock
  rake
  redcarpet
  rightscale_selfservice!
  rspec (~> 3.1.0)
  test-unit
  yard

BUNDLED WITH
   1.11.2
